PATH
  remote: .
  specs:
    gctools (0.2.4)

GEM
  remote: https://rubygems.org/
  specs:
    minitest (5.11.3)
    rake (12.3.0)
    rake-compiler (0.9.9)
      rake

PLATFORMS
  ruby

DEPENDENCIES
  gctools!
  minitest (~> 5.0)
  rake-compiler (~> 0.9)

BUNDLED WITH
   1.16.1
